PATH
  remote: .
  specs:
    rack-push-notification (0.5.0)
      rack (~> 1.4)
      rack-contrib (~> 1.1)
      sequel (>= 3.0)
      sinatra (~> 1.3)
      sinatra-param (~> 0.1)

GEM
  remote: https://rubygems.org/
  specs:
    diff-lcs (1.2.4)
    rack (1.5.2)
    rack-contrib (1.1.0)
      rack (>= 0.9.1)
    rack-protection (1.5.3)
      rack
    rake (10.0.4)
    rspec (2.13.0)
      rspec-core (~> 2.13.0)
      rspec-expectations (~> 2.13.0)
      rspec-mocks (~> 2.13.0)
    rspec-core (2.13.1)
    rspec-expectations (2.13.0)
      diff-lcs (>= 1.1.3, < 2.0)
    rspec-mocks (2.13.1)
    sequel (4.9.0)
    sinatra (1.4.5)
      rack (~> 1.4)
      rack-protection (~> 1.4)
      tilt (~> 1.3, >= 1.3.4)
    sinatra-param (0.1.3)
      sinatra (~> 1.3)
    tilt (1.4.1)

PLATFORMS
  ruby

DEPENDENCIES
  rack-push-notification!
  rake
  rspec
